GEM
  remote: https://rubygems.org/
  specs:
    artii (2.1.2)

PLATFORMS
  x86_64-darwin-16

DEPENDENCIES
  artii

BUNDLED WITH
   2.2.15
