GEM
  remote: https://rubygems.org/
  specs:

PLATFORMS
  x86_64-darwin-16

DEPENDENCIES

BUNDLED WITH
   2.2.15
